GIT
  remote: git://github.com/sinatra/sinatra.git
  revision: cab56ed7d64b9ffb6d4df48cb8d7d3153890f3ee
  specs:
    sinatra (1.4.0)
      rack (~> 1.3, >= 1.3.6)
      rack-protection (~> 1.2)
      tilt (~> 1.3, >= 1.3.3)

GEM
  remote: http://rubygems.org/
  specs:
    RedCloth (4.2.9-x86-mingw32)
    albino (1.3.3)
      posix-spawn (>= 0.3.6)
    classifier (1.3.3)
      fast-stemmer (>= 1.0.0)
    daemons (1.1.8)
    directory_watcher (1.4.1)
    eventmachine (1.0.0.beta.4.1-x86-mingw32)
    fast-stemmer (1.0.0)
    foreman (0.46.0)
      thor (>= 0.13.6)
    jekyll (0.11.2)
      albino (~> 1.3)
      classifier (~> 1.3)
      directory_watcher (~> 1.1)
      kramdown (~> 0.13)
      liquid (~> 2.3)
      maruku (~> 0.5)
    kramdown (0.13.5)
    liquid (2.3.0)
    maruku (0.6.0)
      syntax (>= 1.0.0)
    posix-spawn (0.3.6)
    rack (1.4.1)
    rack-protection (1.2.0)
      rack
    syntax (1.0.0)
    thin (1.3.1)
      daemons (>= 1.0.9)
      eventmachine (>= 0.12.6)
      rack (>= 1.0.0)
    thor (0.15.2)
    tilt (1.3.3)

PLATFORMS
  x86-mingw32

DEPENDENCIES
  RedCloth
  eventmachine
  foreman
  jekyll
  sinatra!
  thin
