GIT
  remote: git://github.com/sinatra/sinatra.git
  revision: cab56ed7d64b9ffb6d4df48cb8d7d3153890f3ee
  specs:
    sinatra (1.4.0)
      rack (~> 1.3, >= 1.3.6)
      rack-protection (~> 1.2)
      tilt (~> 1.3, >= 1.3.3)

GEM
  remote: http://rubygems.org/
  specs:
    daemons (1.1.8)
    eventmachine (1.0.0.beta.4.1-x86-mingw32)
    rack (1.4.1)
    rack-protection (1.2.0)
      rack
    thin (1.3.1)
      daemons (>= 1.0.9)
      eventmachine (>= 0.12.6)
      rack (>= 1.0.0)
    tilt (1.3.3)

PLATFORMS
  x86-mingw32

DEPENDENCIES
  eventmachine (= 1.0.0.beta.4.1)
  sinatra!
  thin
